GIT
  remote: git://github.com/premailer/css_parser.git
  revision: aa4bfdeca35d8c3a2aa044d2befd473101b5261f
  specs:
    css_parser (1.4.7)
      addressable

PATH
  remote: .
  specs:
    premailer (1.9.1)
      css_parser (>= 1.4.5)
      htmlentities (>= 4.0.0)

GEM
  remote: https://rubygems.org/
  specs:
    addressable (2.5.0)
      public_suffix (~> 2.0, >= 2.0.2)
    coveralls (0.8.17)
      json (>= 1.8, < 3)
      simplecov (~> 0.12.0)
      term-ansicolor (~> 1.3)
      thor (~> 0.19.1)
      tins (~> 1.6)
    crack (0.4.3)
      safe_yaml (~> 1.0.0)
    docile (1.1.5)
    hashdiff (0.3.2)
    hpricot (0.8.6)
    htmlentities (4.3.4)
    json (2.0.3)
    maxitest (2.4.0)
      minitest (>= 5.0.0, < 5.11.0)
    mini_portile2 (2.1.0)
    minitest (5.10.1)
    nokogiri (1.6.8)
      mini_portile2 (~> 2.1.0)
      pkg-config (~> 1.1.7)
    nokogumbo (1.4.10)
      nokogiri
    pkg-config (1.1.7)
    public_suffix (2.0.5)
    rake (12.0.0)
    redcarpet (3.4.0)
    safe_yaml (1.0.4)
    simplecov (0.12.0)
      docile (~> 1.1.0)
      json (>= 1.8, < 3)
      simplecov-html (~> 0.10.0)
    simplecov-html (0.10.0)
    term-ansicolor (1.4.0)
      tins (~> 1.0)
    thor (0.19.4)
    tins (1.13.0)
    webmock (2.3.2)
      addressable (>= 2.3.6)
      crack (>= 0.3.2)
      hashdiff
    yard (0.9.8)

PLATFORMS
  ruby

DEPENDENCIES
  bundler (~> 1.3)
  coveralls
  css_parser!
  hpricot (>= 0.8.3)
  jruby-openssl
  maxitest
  nokogiri (>= 1.4.4, <= 1.6.8)
  nokogumbo
  premailer!
  rake (> 0.8, != 0.9.0)
  redcarpet (~> 3.0)
  webmock
  yard

BUNDLED WITH
   1.12.5
