GIT
  remote: https://github.com/premailer/css_parser.git
  revision: 831412ecbb6be527c10663c11dde0f3b48601e0a
  specs:
    css_parser (1.4.9)
      addressable

PATH
  remote: .
  specs:
    premailer (1.9.3)
      css_parser (>= 1.4.9)
      htmlentities (>= 4.0.0)

GEM
  remote: https://rubygems.org/
  specs:
    addressable (2.5.0)
      public_suffix (~> 2.0, >= 2.0.2)
    coveralls (0.8.19)
      json (>= 1.8, < 3)
      simplecov (~> 0.12.0)
      term-ansicolor (~> 1.3)
      thor (~> 0.19.1)
      tins (~> 1.6)
    crack (0.4.3)
      safe_yaml (~> 1.0.0)
    docile (1.1.5)
    hashdiff (0.3.2)
    htmlentities (4.3.4)
    json (2.0.3)
    maxitest (2.4.0)
      minitest (>= 5.0.0, < 5.11.0)
    mini_portile2 (2.1.0)
    minitest (5.10.1)
    nokogiri (1.7.0.1)
      mini_portile2 (~> 2.1.0)
    nokogumbo (1.4.10)
      nokogiri
    public_suffix (2.0.5)
    rake (12.0.0)
    redcarpet (3.4.0)
    safe_yaml (1.0.4)
    simplecov (0.12.0)
      docile (~> 1.1.0)
      json (>= 1.8, < 3)
      simplecov-html (~> 0.10.0)
    simplecov-html (0.10.0)
    term-ansicolor (1.4.0)
      tins (~> 1.0)
    thor (0.19.4)
    tins (1.13.2)
    webmock (2.3.2)
      addressable (>= 2.3.6)
      crack (>= 0.3.2)
      hashdiff
    yard (0.9.8)

PLATFORMS
  ruby

DEPENDENCIES
  bundler (>= 1.3)
  coveralls
  css_parser!
  jruby-openssl
  maxitest
  nokogiri (~> 1.7)
  nokogumbo
  premailer!
  rake (> 0.8, != 0.9.0)
  redcarpet (~> 3.0)
  webmock
  yard

BUNDLED WITH
   1.14.3
