GIT
  remote: git://github.com/premailer/css_parser.git
  revision: c906322713f9e65a170ff497adef328fe2dd95c4
  specs:
    css_parser (1.4.0)
      addressable

PATH
  remote: .
  specs:
    premailer (1.8.6)
      css_parser (>= 1.3.7)
      htmlentities (>= 4.0.0)

GEM
  remote: https://rubygems.org/
  specs:
    addressable (2.4.0)
    coveralls (0.8.13)
      json (~> 1.8)
      simplecov (~> 0.11.0)
      term-ansicolor (~> 1.3)
      thor (~> 0.19.1)
      tins (~> 1.6.0)
    crack (0.4.3)
      safe_yaml (~> 1.0.0)
    docile (1.1.5)
    hashdiff (0.3.0)
    hpricot (0.8.6)
    htmlentities (4.3.4)
    json (1.8.3)
    maxitest (1.5.6)
      minitest (>= 5.0.0, < 5.9.0)
    mini_portile2 (2.0.0)
    minitest (5.8.4)
    nokogiri (1.6.7.2)
      mini_portile2 (~> 2.0.0.rc2)
    nokogumbo (1.4.7)
      nokogiri
    rake (0.9.6)
    redcarpet (3.3.4)
    safe_yaml (1.0.4)
    simplecov (0.11.2)
      docile (~> 1.1.0)
      json (~> 1.8)
      simplecov-html (~> 0.10.0)
    simplecov-html (0.10.0)
    term-ansicolor (1.3.2)
      tins (~> 1.0)
    thor (0.19.1)
    tins (1.6.0)
    webmock (1.24.2)
      addressable (>= 2.3.6)
      crack (>= 0.3.2)
      hashdiff
    yard (0.8.7.6)

PLATFORMS
  ruby

DEPENDENCIES
  bundler (~> 1.3)
  coveralls
  css_parser!
  hpricot (>= 0.8.3)
  jruby-openssl
  maxitest
  nokogiri (>= 1.4.4)
  nokogumbo
  premailer!
  rake (~> 0.8, != 0.9.0)
  redcarpet (~> 3.0)
  webmock
  yard (~> 0.8.7.6)
